GEM
  remote: https://rubygems.org/
  specs:
    coderay (1.1.3)
    daemons (1.4.1)
    dotenv (2.8.1)
    marxbot (0.0.1)
    method_source (1.0.0)
    pry (0.14.1)
      coderay (~> 1.1)
      method_source (~> 1.0)
    rake (12.3.3)

PLATFORMS
  x64-mingw-ucrt

DEPENDENCIES
  daemons (~> 1.4, >= 1.4.1)
  dotenv (~> 2.7)
  marxbot (~> 0.0.1)
  pry
  rake (~> 12.3)

RUBY VERSION
   ruby 3.1.2p20

BUNDLED WITH
   2.3.26
